PATH
  remote: .
  specs:
    rustic (0.3.1)
      async-process (~> 1.3)
      ptools (~> 1.4)
      zeitwerk (~> 2.5)

GEM
  remote: https://rubygems.org/
  specs:
    ast (2.4.2)
    async (1.30.1)
      console (~> 1.10)
      nio4r (~> 2.3)
      timers (~> 4.1)
    async-io (1.32.2)
      async
    async-process (1.3.1)
      async
      async-io
    async-rspec (1.16.1)
      rspec (~> 3.0)
      rspec-files (~> 1.0)
      rspec-memory (~> 1.0)
    backport (1.2.0)
    benchmark (0.2.0)
    console (1.14.0)
      fiber-local
    diff-lcs (1.4.4)
    docile (1.4.0)
    e2mmap (0.1.0)
    fiber-local (1.0.0)
    jaro_winkler (1.5.4)
    kramdown (2.3.1)
      rexml
    kramdown-parser-gfm (1.1.0)
      kramdown (~> 2.0)
    nio4r (2.5.8)
    nokogiri (1.12.5-x86_64-linux)
      racc (~> 1.4)
    parallel (1.21.0)
    parser (3.0.2.0)
      ast (~> 2.4.1)
    ptools (1.4.2)
    racc (1.6.0)
    rainbow (3.0.0)
    rake (13.0.6)
    regexp_parser (2.1.1)
    reverse_markdown (2.1.1)
      nokogiri
    rexml (3.2.5)
    rspec (3.10.0)
      rspec-core (~> 3.10.0)
      rspec-expectations (~> 3.10.0)
      rspec-mocks (~> 3.10.0)
    rspec-core (3.10.1)
      rspec-support (~> 3.10.0)
    rspec-expectations (3.10.1)
      diff-lcs (>= 1.2.0, < 2.0)
      rspec-support (~> 3.10.0)
    rspec-files (1.1.1)
      rspec (~> 3.0)
    rspec-memory (1.0.2)
      rspec (~> 3.0)
    rspec-mocks (3.10.2)
      diff-lcs (>= 1.2.0, < 2.0)
      rspec-support (~> 3.10.0)
    rspec-support (3.10.3)
    rubocop (1.23.0)
      parallel (~> 1.10)
      parser (>= 3.0.0.0)
      rainbow (>= 2.2.2, < 4.0)
      regexp_parser (>= 1.8, < 3.0)
      rexml
      rubocop-ast (>= 1.12.0, < 2.0)
      ruby-progressbar (~> 1.7)
      unicode-display_width (>= 1.4.0, < 3.0)
    rubocop-ast (1.13.0)
      parser (>= 3.0.1.1)
    rubocop-performance (1.12.0)
      rubocop (>= 1.7.0, < 2.0)
      rubocop-ast (>= 0.4.0)
    rubocop-rspec (2.6.0)
      rubocop (~> 1.19)
    ruby-progressbar (1.11.0)
    simplecov (0.21.2)
      docile (~> 1.1)
      simplecov-html (~> 0.11)
      simplecov_json_formatter (~> 0.1)
    simplecov-html (0.12.3)
    simplecov_json_formatter (0.1.3)
    solargraph (0.44.0)
      backport (~> 1.2)
      benchmark
      bundler (>= 1.17.2)
      diff-lcs (~> 1.4)
      e2mmap
      jaro_winkler (~> 1.5)
      kramdown (~> 2.3)
      kramdown-parser-gfm (~> 1.1)
      parser (~> 3.0)
      reverse_markdown (>= 1.0.5, < 3)
      rubocop (>= 0.52)
      thor (~> 1.0)
      tilt (~> 2.0)
      yard (~> 0.9, >= 0.9.24)
    thor (1.1.0)
    tilt (2.0.10)
    timers (4.3.3)
    unicode-display_width (2.1.0)
    yard (0.9.26)
    zeitwerk (2.5.1)

PLATFORMS
  x86_64-linux

DEPENDENCIES
  async-rspec
  rake (~> 13.0)
  rspec (~> 3.0)
  rubocop
  rubocop-performance
  rubocop-rspec
  rustic!
  simplecov
  solargraph

BUNDLED WITH
   2.2.27
